GEM
  remote: https://rubygems.org/
  specs:
    ruby-ole (1.2.12.2)
    vpim (13.11.11)

PLATFORMS
  ruby
  x64-mingw32

DEPENDENCIES
  ruby-ole
  vpim

RUBY VERSION
   ruby 2.6.5p114

BUNDLED WITH
   2.2.33
