GEM
  remote: https://rubygems.org/
  specs:
    redcarpet (3.5.1)
    ruby-ole (1.2.12.2)
    vpim (13.11.11)
    webrick (1.7.0)
    yard (0.9.27)
      webrick (~> 1.7.0)

PLATFORMS
  x64-mingw32

DEPENDENCIES
  redcarpet (>= 3.5.1)
  ruby-ole (= 1.2.12.2)
  vpim (= 13.11.11)
  yard (>= 0.9.27)

RUBY VERSION
   ruby 2.6.5p114

BUNDLED WITH
   2.2.33
